GEM
  remote: https://rubygems.org/
  specs:
    diffy (3.2.0)
    mini_portile2 (2.3.0)
    nokogiri (1.8.1-x64-mingw32)
      mini_portile2 (~> 2.3.0)
    rubyzip (1.2.1)

PLATFORMS
  x64-mingw32

DEPENDENCIES
  diffy
  nokogiri
  rubyzip (>= 1.0.0)

BUNDLED WITH
   1.16.0
